GEM
  remote: https://rubygems.org/
  specs:
    hoe (3.23.0)
      rake (>= 0.8, < 15.0)
    minitest (5.14.4)
    rake (13.0.6)

PLATFORMS
  x86_64-linux

DEPENDENCIES
  hoe
  minitest

BUNDLED WITH
   2.2.17
